PATH
  remote: .
  specs:
    ir_ptz (0.0.1)
      arduino_ir_remote (~> 0.1.1)

GEM
  remote: https://rubygems.org/
  specs:
    arduino_ir_remote (0.1.1)
      args_parser (>= 0.2.0)
      event_emitter
      serialport
    args_parser (0.2.0)
    bourne (1.5.0)
      mocha (>= 0.13.2, < 0.15)
    diff-lcs (1.2.4)
    event_emitter (0.2.5)
    metaclass (0.0.1)
    mocha (0.14.0)
      metaclass (~> 0.0.1)
    rake (10.1.0)
    rspec (2.14.1)
      rspec-core (~> 2.14.0)
      rspec-expectations (~> 2.14.0)
      rspec-mocks (~> 2.14.0)
    rspec-core (2.14.5)
    rspec-expectations (2.14.3)
      diff-lcs (>= 1.1.3, < 2.0)
    rspec-mocks (2.14.3)
    serialport (1.1.0)

PLATFORMS
  ruby

DEPENDENCIES
  bourne
  bundler (~> 1.3)
  ir_ptz!
  mocha
  rake
  rspec
